GEM
  remote: http://rubygems.org/
  specs:
    columnize (0.3.6)
    debugger (1.6.5)
      columnize (>= 0.3.1)
      debugger-linecache (~> 1.2.0)
      debugger-ruby_core_source (~> 1.3.1)
    debugger-linecache (1.2.0)
    debugger-ruby_core_source (1.3.1)
    mysql (2.9.1)
    redis (3.0.7)
    ruby-progressbar (1.6.0)

PLATFORMS
  ruby

DEPENDENCIES
  debugger
  mysql
  redis
  ruby-progressbar
